GEM
  remote: https://rubygems.org/
  specs:
    activesupport (5.0.1)
      concurrent-ruby (~> 1.0, >= 1.0.2)
      i18n (~> 0.7)
      minitest (~> 5.1)
      tzinfo (~> 1.1)
    concurrent-ruby (1.0.4)
    dotenv (2.2.0)
    event_emitter (0.2.5)
    eventmachine (1.2.2)
    faraday (0.11.0)
      multipart-post (>= 1.2, < 3)
    faraday_middleware (0.10.1)
      faraday (>= 0.7.4, < 1.0)
    faye-websocket (0.9.2)
      eventmachine (>= 0.12.0)
      websocket-driver (>= 0.5.1)
    ffi (1.9.17)
    i18n (0.8.0)
    ikku (0.1.4)
      natto
    mem (0.1.5)
    minitest (5.10.1)
    multi_json (1.12.1)
    multipart-post (2.0.0)
    natto (1.1.1)
      ffi (>= 1.9.0)
    ruboty (1.3.0)
      activesupport
      bundler
      dotenv
      mem
      slop
    ruboty-echo (0.1.0)
      ruboty
    ruboty-kokodeikku (0.0.8)
      ikku (>= 0.1.1)
      ruboty
    ruboty-slack_rtm (2.7.1)
      ruboty (>= 1.1.4)
      slack-api (~> 1.2)
      websocket-client-simple (~> 0.3.0)
    slack-api (1.3.0)
      faraday (~> 0.11)
      faraday_middleware (= 0.10.1)
      faye-websocket (~> 0.9.2)
      multi_json (~> 1.0, >= 1.0.3)
    slop (4.4.1)
    thread_safe (0.3.5)
    tzinfo (1.2.2)
      thread_safe (~> 0.1)
    websocket (1.2.4)
    websocket-client-simple (0.3.0)
      event_emitter
      websocket
    websocket-driver (0.6.5)
      websocket-extensions (>= 0.1.0)
    websocket-extensions (0.1.2)

PLATFORMS
  ruby

DEPENDENCIES
  ruboty
  ruboty-echo
  ruboty-kokodeikku
  ruboty-slack_rtm

BUNDLED WITH
   1.14.3
