GIT
  remote: https://github.com/vividmuimui/ruboty-talk.git
  revision: cfd42b0cc16a16be3b356d3b777951b1c07ffc84
  specs:
    ruboty-talk (0.0.5)
      docomoru (>= 0.0.3)
      ruboty (>= 1.1.0)

GEM
  remote: https://rubygems.org/
  specs:
    activesupport (5.0.1)
      concurrent-ruby (~> 1.0, >= 1.0.2)
      i18n (~> 0.7)
      minitest (~> 5.1)
      tzinfo (~> 1.1)
    addressable (2.5.0)
      public_suffix (~> 2.0, >= 2.0.2)
    concurrent-ruby (1.0.4)
    docomoru (0.1.3)
      activesupport
      faraday
      faraday_middleware
      json
      rack
      slop
    dotenv (2.2.0)
    event_emitter (0.2.5)
    eventmachine (1.2.2)
    faraday (0.11.0)
      multipart-post (>= 1.2, < 3)
    faraday_middleware (0.10.1)
      faraday (>= 0.7.4, < 1.0)
    faye-websocket (0.9.2)
      eventmachine (>= 0.12.0)
      websocket-driver (>= 0.5.1)
    ffi (1.9.17)
    i18n (0.8.0)
    ikku (0.1.4)
      natto
    json (2.0.3)
    mecab (0.996)
    mem (0.1.5)
    mini_portile2 (2.1.0)
    minitest (5.10.1)
    multi_json (1.12.1)
    multipart-post (2.0.0)
    natto (1.1.1)
      ffi (>= 1.9.0)
    nokogiri (1.7.0.1)
      mini_portile2 (~> 2.1.0)
    public_suffix (2.0.5)
    rack (2.0.1)
    rake (12.0.0)
    ruboty (1.3.0)
      activesupport
      bundler
      dotenv
      mem
      slop
    ruboty-echo (0.1.0)
      ruboty
    ruboty-hanakin (0.1.0)
      ruboty
    ruboty-japan_weather (0.0.4)
      ruboty
      weather_jp
    ruboty-kokodeikku (0.0.8)
      ikku (>= 0.1.1)
      ruboty
    ruboty-lgtm (0.0.3)
      faraday
      faraday_middleware
      ruboty
    ruboty-mstr (1.0.1)
      ruboty
    ruboty-slack_rtm (2.7.1)
      ruboty (>= 1.1.4)
      slack-api (~> 1.2)
      websocket-client-simple (~> 0.3.0)
    ruboty-sudden_death (1.0.1)
      ruboty
      sudden_death
    ruboty-tiqav (0.1.0)
      ruboty
      tiqav
    ruboty-twada (2.0.0)
      ruboty
    slack-api (1.3.0)
      faraday (~> 0.11)
      faraday_middleware (= 0.10.1)
      faye-websocket (~> 0.9.2)
      multi_json (~> 1.0, >= 1.0.3)
    slop (4.4.1)
    sudden_death (0.0.3)
    thread_safe (0.3.5)
    tiqav (0.0.6)
      addressable
      json
    tzinfo (1.2.2)
      thread_safe (~> 0.1)
    weather_jp (2.0.0)
      activesupport
      nokogiri
      rack
      rake (>= 0.9.2)
    websocket (1.2.4)
    websocket-client-simple (0.3.0)
      event_emitter
      websocket
    websocket-driver (0.6.5)
      websocket-extensions (>= 0.1.0)
    websocket-extensions (0.1.2)

PLATFORMS
  ruby

DEPENDENCIES
  mecab (= 0.996)
  ruboty
  ruboty-echo
  ruboty-hanakin
  ruboty-japan_weather
  ruboty-kokodeikku
  ruboty-lgtm
  ruboty-mstr
  ruboty-slack_rtm
  ruboty-sudden_death
  ruboty-talk!
  ruboty-tiqav
  ruboty-twada

BUNDLED WITH
   1.14.3
